PATH
  remote: .
  specs:
    luhn (0.1.0)

GEM
  remote: https://rubygems.org/
  specs:
    minitest (5.2.0)

PLATFORMS
  ruby

DEPENDENCIES
  luhn!
  minitest
