PATH
  remote: .
  specs:
    luhn_checksum (0.1.1)

GEM
  remote: https://rubygems.org/
  specs:
    appraisal (1.0.0)
      bundler
      rake
      thor (>= 0.14.0)
    minitest (5.2.0)
    rake (10.3.1)
    thor (0.19.1)

PLATFORMS
  ruby

DEPENDENCIES
  appraisal
  bundler
  luhn_checksum!
  minitest
  rake
